FRAMEWORK: NET45
NUGET
  remote: https://www.nuget.org/api/v2
  specs:
    Argu (2.1)
    FAKE (4.25.5)
    FParsec (1.0.2)
    FSharp.Compiler.Service (2.0.0.6)
    FSharp.Core (4.0.0.1)
    FSharp.Formatting (2.14.2)
      FSharp.Compiler.Service (2.0.0.6)
      FSharpVSPowerTools.Core (>= 2.3 < 2.4)
    FSharpVSPowerTools.Core (2.3)
      FSharp.Compiler.Service (>= 2.0.0.3)
    FsUnit (2.1)
      FSharp.Core (>= 3.1.2.5)
      NUnit (3.2)
    Mono.Posix (4.0)
    NUnit (3.2)
    NUnit.ConsoleRunner (3.2.1)
    NUnit.Extension.NUnitProjectLoader (3.2.1)
    NUnit.Extension.NUnitV2Driver (3.2.1)
    NUnit.Extension.NUnitV2ResultWriter (3.2.1)
    NUnit.Extension.VSProjectLoader (3.2.1)
    NUnit.Runners (3.2.1)
      NUnit.ConsoleRunner (3.2.1)
      NUnit.Extension.NUnitProjectLoader (3.2.1)
      NUnit.Extension.NUnitV2Driver (3.2.1)
      NUnit.Extension.NUnitV2ResultWriter (3.2.1)
      NUnit.Extension.VSProjectLoader (3.2.1)
    Octokit (0.19)
    SharpZipLib (0.86)
    SourceLink.Fake (1.1)
    Nett (0.5)
GITHUB
  remote: fsharp/FAKE
  specs:
    modules/Octokit/Octokit.fsx (26ea4dbb3d60352b88162bb32577015af2e7c44e)
      Octokit